GEM
  remote: https://rubygems.org/
  specs:
    CFPropertyList (2.3.6)
    facter (2.5.1)
    facter (2.5.1-universal-darwin)
      CFPropertyList (~> 2.2)
    fast_gettext (1.1.2)
    hiera (3.4.3)
    locale (2.1.2)
    multi_json (1.13.1)
    puppet (5.5.2)
      facter (> 2.0.1, < 4)
      fast_gettext (~> 1.1.2)
      hiera (>= 3.2.1, < 4)
      locale (~> 2.1)
      multi_json (~> 1.10)
    puppet (5.5.2-universal-darwin)
      CFPropertyList (~> 2.2)
      facter (> 2.0.1, < 4)
      fast_gettext (~> 1.1.2)
      hiera (>= 3.2.1, < 4)
      locale (~> 2.1)
      multi_json (~> 1.10)
    puppet-lint (2.3.6)
    puppet-syntax (2.4.1)
      rake
    rake (12.3.1)

PLATFORMS
  ruby
  x86_64-darwin-16

DEPENDENCIES
  puppet
  puppet-lint
  puppet-syntax
  rake

BUNDLED WITH
   1.16.2
